PATH
  remote: .
  specs:
    cepmon-nagios (0.1.3)
      bundler
      json
      trollop

GEM
  remote: https://rubygems.org/
  specs:
    json (1.7.5)
    trollop (2.0)

PLATFORMS
  java
  ruby

DEPENDENCIES
  cepmon-nagios!
